GEM
  remote: https://rubygems.org/
  specs:
    byebug (11.1.3)
    caxlsx (3.2.0)
      htmlentities (~> 4.3, >= 4.3.4)
      marcel (~> 1.0)
      nokogiri (~> 1.10, >= 1.10.4)
      rubyzip (>= 1.3.0, < 3)
    childprocess (0.9.0)
      ffi (~> 1.0, >= 1.0.11)
    ffi (1.15.5)
    htmlentities (4.3.4)
    marcel (1.0.2)
    nokogiri (1.13.8-arm64-darwin)
      racc (~> 1.4)
    racc (1.6.0)
    rubyzip (1.3.0)
    selenium-webdriver (3.0.0)
      childprocess (~> 0.5)
      rubyzip (~> 1.0)
      websocket (~> 1.0)
    watir (6.5.0)
      selenium-webdriver (~> 3.0)
    webdrivers (4.6.1)
      nokogiri (~> 1.6)
      rubyzip (>= 1.3.0)
      selenium-webdriver (>= 3.0, < 4.0)
    websocket (1.2.9)

PLATFORMS
  arm64-darwin-21

DEPENDENCIES
  byebug
  caxlsx
  nokogiri
  selenium-webdriver (= 3.0)
  watir
  webdrivers

BUNDLED WITH
   2.3.7
